GEM
  remote: https://rubygems.org/
  specs:
    RedCloth (4.2.9)
    aws-sdk (1.40.2)
      json (~> 1.4)
      nokogiri (>= 1.4.4)
    blankslate (2.1.2.4)
    celluloid (0.15.2)
      timers (~> 1.1.0)
    celluloid-io (0.15.0)
      celluloid (>= 0.15.0)
      nio4r (>= 0.5.0)
    classifier (1.3.4)
      fast-stemmer (>= 1.0.0)
    coffee-script (2.2.0)
      coffee-script-source
      execjs
    coffee-script-source (1.7.0)
    colorator (0.1)
    colored (1.2)
    configure-s3-website (1.5.5)
      deep_merge (= 1.0.0)
    dalli (2.7.1)
    deep_merge (1.0.0)
    erubis (2.7.0)
    execjs (2.0.2)
    fast-stemmer (1.0.2)
    ffi (1.9.3)
    filey-diff (2.0.0)
    jekyll (2.0.3)
      classifier (~> 1.3)
      colorator (~> 0.1)
      jekyll-coffeescript (~> 1.0)
      jekyll-sass-converter (~> 1.0)
      kramdown (~> 1.3)
      liquid (~> 2.5.5)
      listen (~> 2.5)
      mercenary (~> 0.3.3)
      pygments.rb (~> 0.5.0)
      redcarpet (~> 3.1)
      safe_yaml (~> 1.0)
      toml (~> 0.1.0)
    jekyll-coffeescript (1.0.0)
      coffee-script (~> 2.2)
    jekyll-sass-converter (1.0.0)
      sass (~> 3.2)
    jekyll-sitemap (0.4.1)
      jekyll (~> 2.0)
    json (1.8.1)
    kgio (2.9.2)
    kramdown (1.3.3)
    liquid (2.5.5)
    listen (2.7.4)
      celluloid (>= 0.15.2)
      celluloid-io (>= 0.15.0)
      rb-fsevent (>= 0.9.3)
      rb-inotify (>= 0.9)
    memcachier (0.0.2)
    mercenary (0.3.3)
    mime-types (1.25.1)
    mini_portile (0.6.0)
    newrelic_rpm (3.8.0.218)
    nio4r (1.0.0)
    nokogiri (1.6.2.1)
      mini_portile (= 0.6.0)
    parslet (1.5.0)
      blankslate (~> 2.0)
    posix-spawn (0.3.8)
    pygments.rb (0.5.4)
      posix-spawn (~> 0.3.6)
      yajl-ruby (~> 1.1.0)
    rack (1.5.2)
    rack-cache (1.2)
      rack (>= 0.4)
    rack-contrib (1.1.0)
      rack (>= 0.9.1)
    rack-rewrite (1.5.0)
    raindrops (0.13.0)
    rb-fsevent (0.9.4)
    rb-inotify (0.9.4)
      ffi (>= 0.5.0)
    redcarpet (3.1.2)
    s3_website (1.7.6)
      aws-sdk (~> 1)
      configure-s3-website (= 1.5.5)
      erubis (~> 2.7.0)
      filey-diff (~> 2.0.0)
      mime-types (~> 1)
      simple-cloudfront-invalidator (~> 1)
      thor (= 0.18.1)
      zopfli (~> 0.0.3)
    safe_yaml (1.0.3)
    sass (3.3.7)
    simple-cloudfront-invalidator (1.0.1)
      colored (= 1.2)
    thor (0.18.1)
    timers (1.1.0)
    toml (0.1.1)
      parslet (~> 1.5.0)
    unicorn (4.8.3)
      kgio (~> 2.6)
      rack
      raindrops (~> 0.7)
    yajl-ruby (1.1.0)
    zopfli (0.0.3)

PLATFORMS
  ruby

DEPENDENCIES
  RedCloth
  dalli
  jekyll
  jekyll-sitemap
  kramdown
  memcachier
  newrelic_rpm
  rack-cache
  rack-contrib
  rack-rewrite
  s3_website
  unicorn
